PATH
  remote: .
  specs:
    riddler (0.1.0)
      faraday
      faraday_middleware
      grpc
      liquid
      outlog
      predicator
      ulid-ruby

GEM
  remote: https://rubygems.org/
  specs:
    coderay (1.1.2)
    faraday (0.15.4)
      multipart-post (>= 1.2, < 3)
    faraday_middleware (0.13.1)
      faraday (>= 0.7.4, < 1.0)
    ffi (1.9.25)
    formatador (0.2.5)
    google-protobuf (3.6.1)
    googleapis-common-protos-types (1.0.3)
      google-protobuf (~> 3.0)
    grpc (1.19.0)
      google-protobuf (~> 3.1)
      googleapis-common-protos-types (~> 1.0.0)
    guard (2.15.0)
      formatador (>= 0.2.4)
      listen (>= 2.7, < 4.0)
      lumberjack (>= 1.0.12, < 2.0)
      nenv (~> 0.1)
      notiffany (~> 0.0)
      pry (>= 0.9.12)
      shellany (~> 0.0)
      thor (>= 0.18.1)
    hashdiff (0.3.8)
    liquid (4.0.1)
    listen (3.1.5)
      rb-fsevent (~> 0.9, >= 0.9.4)
      rb-inotify (~> 0.9, >= 0.9.7)
      ruby_dep (~> 1.2)
    lumberjack (1.0.13)
    method_source (0.9.2)
    minitest (5.11.3)
    multipart-post (2.0.0)
    nenv (0.3.0)
    notiffany (0.1.1)
      nenv (~> 0.1)
      shellany (~> 0.0)
    outlog (0.4.0)
    predicator (1.2.0)
    pry (0.12.2)
      coderay (~> 1.1.0)
      method_source (~> 0.9.0)
    rake (10.5.0)
    rb-fsevent (0.10.3)
    rb-inotify (0.9.10)
      ffi (>= 0.5.0, < 2)
    ruby_dep (1.5.0)
    shellany (0.0.1)
    thor (0.20.3)
    ulid-ruby (1.0.0)

PLATFORMS
  ruby

DEPENDENCIES
  bundler (~> 1.17)
  guard
  hashdiff
  minitest (~> 5.0)
  rake (~> 10.0)
  riddler!

BUNDLED WITH
   1.17.2
